GIT
  remote: git://github.com/plataformatec/simple_form.git
  revision: 1411718c00ef8a12665de5bef87b1c38cfd146e2
  branch: rails_4
  specs:
    simple_form (3.0.0.dev)
      actionpack (>= 4.0.0.beta, < 4.1)
      activemodel (>= 4.0.0.beta, < 4.1)

GIT
  remote: git://github.com/rails/arel.git
  revision: 38d0a222e275d917a2c1d093b24457bafb600a00
  specs:
    arel (3.0.2.20120819075748)

GIT
  remote: git://github.com/rails/rails.git
  revision: ac6594921f4d8532b41a956e90ca56aa05f941be
  specs:
    actionmailer (4.0.0.beta)
      actionpack (= 4.0.0.beta)
      mail (~> 2.5.3)
    actionpack (4.0.0.beta)
      activesupport (= 4.0.0.beta)
      builder (~> 3.1.0)
      erubis (~> 2.7.0)
      rack (~> 1.4.1)
      rack-test (~> 0.6.1)
    activemodel (4.0.0.beta)
      activesupport (= 4.0.0.beta)
      builder (~> 3.1.0)
    activerecord (4.0.0.beta)
      activemodel (= 4.0.0.beta)
      activerecord-deprecated_finders (= 0.0.1)
      activesupport (= 4.0.0.beta)
      arel (~> 3.0.2)
    activesupport (4.0.0.beta)
      i18n (~> 0.6)
      minitest (~> 4.1)
      multi_json (~> 1.3)
      thread_safe (~> 0.1)
      tzinfo (~> 0.3.33)
    rails (4.0.0.beta)
      actionmailer (= 4.0.0.beta)
      actionpack (= 4.0.0.beta)
      activerecord (= 4.0.0.beta)
      activesupport (= 4.0.0.beta)
      bundler (>= 1.2.2, < 2.0)
      railties (= 4.0.0.beta)
      sprockets-rails (~> 2.0.0.rc1)
    railties (4.0.0.beta)
      actionpack (= 4.0.0.beta)
      activesupport (= 4.0.0.beta)
      rake (>= 0.8.7)
      rdoc (~> 3.4)
      thor (>= 0.15.4, < 2.0)

GIT
  remote: git://github.com/rails/sass-rails.git
  revision: ae8138a89cac397c0df903dd533e2862902ce8f5
  specs:
    sass-rails (4.0.0.beta)
      railties (>= 4.0.0.beta, < 5.0)
      sass (>= 3.1.10)
      sprockets-rails (~> 2.0.0.rc0)
      tilt (~> 1.3)

PATH
  remote: .
  specs:
    brewery (0.0.1)
      authlogic (~> 3.1.2)
      bootstrap-sass (~> 2.2.2.0)

GEM
  remote: https://rubygems.org/
  specs:
    activerecord-deprecated_finders (0.0.1)
    atomic (1.0.1)
    authlogic (3.1.3)
      activerecord (>= 3.0.0)
      activesupport (>= 3.0.0)
    awesome_print (1.1.0)
    bootstrap-sass (2.2.2.0)
      sass (~> 3.2)
    builder (3.1.4)
    code_analyzer (0.3.1)
      sexp_processor
    colored (1.2)
    erubis (2.7.0)
    hike (1.2.1)
    i18n (0.6.1)
    json (1.7.5)
    mail (2.5.3)
      i18n (>= 0.4.0)
      mime-types (~> 1.16)
      treetop (~> 1.4.8)
    mime-types (1.19)
    minitest (4.3.3)
    multi_json (1.5.0)
    polyglot (0.3.3)
    progressbar (0.12.0)
    rack (1.4.1)
    rack-test (0.6.2)
      rack (>= 1.0)
    rails_best_practices (1.13.2)
      activesupport
      awesome_print
      code_analyzer
      colored
      erubis
      i18n
      progressbar
    rake (10.0.3)
    rdoc (3.12)
      json (~> 1.4)
    sass (3.2.4)
    sexp_processor (4.1.3)
    sprockets (2.8.2)
      hike (~> 1.2)
      multi_json (~> 1.0)
      rack (~> 1.0)
      tilt (~> 1.1, != 1.3.0)
    sprockets-rails (2.0.0.rc1)
      actionpack (>= 3.0)
      activesupport (>= 3.0)
      sprockets (~> 2.8)
    sqlite3 (1.3.6)
    thor (0.16.0)
    thread_safe (0.1.0)
      atomic
    tilt (1.3.3)
    treetop (1.4.12)
      polyglot
      polyglot (>= 0.3.1)
    tzinfo (0.3.35)

PLATFORMS
  ruby

DEPENDENCIES
  arel!
  brewery!
  rails!
  rails_best_practices
  sass-rails!
  simple_form!
  sqlite3
